PATH
  remote: .
  specs:
    linkedin_parser (0.1.0)

GEM
  remote: https://rubygems.org/
  specs:
    rake (12.3.3)

PLATFORMS
  ruby

DEPENDENCIES
  linkedin_parser!
  rake (~> 12.0)

BUNDLED WITH
   2.1.2
